NUGET
  remote: http://nuget.org/api/v2
  specs:
    FAKE (3.13.4)
    FsCheck (0.9.2)
    FSharp.Compiler.Service (0.0.81)
    FSharp.Formatting (2.6.0)
      FSharp.Compiler.Service (>= 0.0.81)
    FsUnit (1.3.0.1)
      NUnit (>= 2.6.3)
    NuGet.CommandLine (2.8.3)
    NUnit (2.6.4)
    NUnit.Runners (2.6.4)
