NUGET
  remote: http://nuget.org/api/v2
  specs:
    FAKE (3.5.5)
    FsCheck (0.9.2.0)
    FSharp.Compiler.Service (0.0.59)
    FSharp.Formatting (2.4.24)
      Microsoft.AspNet.Razor (2.0.30506.0)
      RazorEngine (3.3.0)
      FSharp.Compiler.Service (0.0.59)
    FsUnit (1.3.0.1)
      NUnit (>= 2.6.3)
    Microsoft.AspNet.Razor (2.0.30506.0)
    NuGet.CommandLine (2.8.2)
    NUnit (2.6.3)
    NUnit.Runners (2.6.3)
    RazorEngine (3.3.0)
      Microsoft.AspNet.Razor (>= 2.0.30506.0)
